GEM
  remote: https://rubygems.org/
  specs:
    activesupport (6.0.6)
      concurrent-ruby (~> 1.0, >= 1.0.2)
      i18n (>= 0.7, < 2)
      minitest (~> 5.1)
      tzinfo (~> 1.1)
      zeitwerk (~> 2.2, >= 2.2.2)
    addressable (2.8.1)
      public_suffix (>= 2.0.2, < 6.0)
    autoprefixer-rails (10.4.7.0)
      execjs (~> 2)
    colorator (1.1.0)
    concurrent-ruby (1.1.10)
    contentful (0.12.0)
      http (~> 1.0)
      json (~> 1.8)
      multi_json (~> 1)
    contentful-management (3.6.0)
      http (> 1.0, < 5.0)
      json (>= 1.8, < 3.0)
      multi_json (~> 1)
    domain_name (0.5.20190701)
      unf (>= 0.0.5, < 1.0.0)
    em-websocket (0.5.3)
      eventmachine (>= 0.12.9)
      http_parser.rb (~> 0)
    eventmachine (1.2.7)
    execjs (2.8.1)
    extras (0.3.0)
      forwardable-extended (~> 2.5)
    faraday (1.10.2)
      faraday-em_http (~> 1.0)
      faraday-em_synchrony (~> 1.0)
      faraday-excon (~> 1.1)
      faraday-httpclient (~> 1.0)
      faraday-multipart (~> 1.0)
      faraday-net_http (~> 1.0)
      faraday-net_http_persistent (~> 1.0)
      faraday-patron (~> 1.0)
      faraday-rack (~> 1.0)
      faraday-retry (~> 1.0)
      ruby2_keywords (>= 0.0.4)
    faraday-em_http (1.0.0)
    faraday-em_synchrony (1.0.0)
    faraday-excon (1.1.0)
    faraday-httpclient (1.0.1)
    faraday-multipart (1.0.4)
      multipart-post (~> 2)
    faraday-net_http (1.0.1)
    faraday-net_http_persistent (1.2.0)
    faraday-patron (1.0.0)
    faraday-rack (1.0.0)
    faraday-retry (1.0.3)
    fastimage (2.2.6)
    ffi (1.15.5)
    foreman (0.87.2)
    forwardable-extended (2.6.0)
    hashie (3.6.0)
    http (1.0.4)
      addressable (~> 2.3)
      http-cookie (~> 1.0)
      http-form_data (~> 1.0.1)
      http_parser.rb (~> 0.6.0)
    http-cookie (1.0.5)
      domain_name (~> 0.5)
    http-form_data (1.0.3)
    http_parser.rb (0.6.0)
    httparty (0.21.0)
      mini_mime (>= 1.0.0)
      multi_xml (>= 0.5.2)
    i18n (0.9.5)
      concurrent-ruby (~> 1.0)
    jekyll (3.7.4)
      addressable (~> 2.4)
      colorator (~> 1.0)
      em-websocket (~> 0.5)
      i18n (~> 0.7)
      jekyll-sass-converter (~> 1.0)
      jekyll-watch (~> 2.0)
      kramdown (~> 1.14)
      liquid (~> 4.0)
      mercenary (~> 0.3.3)
      pathutil (~> 0.9)
      rouge (>= 1.7, < 4)
      safe_yaml (~> 1.0)
    jekyll-assets (2.2.8)
      extras (~> 0.1)
      fastimage (~> 2.0, >= 1.8)
      jekyll (~> 3.1, >= 3.0)
      pathutil (>= 0.8)
      rack (> 1, < 2)
      sprockets (~> 3.3, < 3.7)
    jekyll-contentful-data-import (1.3.0)
      contentful (~> 0.8)
      jekyll (>= 2.5.0, < 4)
    jekyll-maps (2.3.2)
      jekyll (>= 3.0, < 5.0)
    jekyll-redirect-from (0.16.0)
      jekyll (>= 3.3, < 5.0)
    jekyll-sass-converter (1.5.2)
      sass (~> 3.4)
    jekyll-watch (2.2.1)
      listen (~> 3.0)
    json (1.8.6)
    kramdown (1.17.0)
    liquid (4.0.3)
    listen (3.7.1)
      rb-fsevent (~> 0.10, >= 0.10.3)
      rb-inotify (~> 0.9, >= 0.9.10)
    mercenary (0.3.6)
    mini_mime (1.1.2)
    minitest (5.15.0)
    multi_json (1.15.0)
    multi_xml (0.6.0)
    multipart-post (2.0.0)
    pathutil (0.16.2)
      forwardable-extended (~> 2.6)
    public_suffix (4.0.7)
    rack (1.6.13)
    rake (12.3.3)
    rb-fsevent (0.11.2)
    rb-inotify (0.10.1)
      ffi (~> 1.0)
    rouge (3.30.0)
    ruby2_keywords (0.0.5)
    safe_yaml (1.0.5)
    sass (3.7.4)
      sass-listen (~> 4.0.0)
    sass-listen (4.0.0)
      rb-fsevent (~> 0.9, >= 0.9.4)
      rb-inotify (~> 0.9, >= 0.9.7)
    schmooze (0.1.6)
    soda-ruby (1.0.1)
      hashie (~> 3.5)
      multipart-post (~> 2.0.0)
      sys-uname (~> 1.0.2)
    sprockets (3.6.3)
      concurrent-ruby (~> 1.0)
      rack (> 1, < 3)
    sprockets-commoner (0.6.5)
      schmooze (~> 0.1.6)
      sprockets (>= 3, < 5)
    sys-uname (1.0.4)
      ffi (>= 1.0.0)
    thread_safe (0.3.6)
    tzinfo (1.2.10)
      thread_safe (~> 0.1)
    uglifier (4.2.0)
      execjs (>= 0.3.0, < 3)
    unf (0.1.4)
      unf_ext
    unf_ext (0.0.8.2)
    zeitwerk (2.6.6)

PLATFORMS
  ruby

DEPENDENCIES
  activesupport
  autoprefixer-rails
  contentful-management
  faraday
  foreman
  httparty
  jekyll (~> 3.7.3)
  jekyll-assets (~> 2.2.8)
  jekyll-contentful-data-import (~> 1.3.0)
  jekyll-maps (~> 2.3.0)
  jekyll-redirect-from
  rake (~> 12.3.3)
  soda-ruby
  sprockets (~> 3.6.3)
  sprockets-commoner
  uglifier

RUBY VERSION
   ruby 2.6.2p47

BUNDLED WITH
   1.17.3
