GIT
  remote: https://github.com/contentful/jekyll-contentful-data-import.git
  revision: b09095d0172272a78991c52f9fcd91f11a3938d1
  specs:
    jekyll-contentful-data-import (1.2.1)
      contentful (~> 0.8)
      jekyll (>= 2.5.0, < 4)

GEM
  remote: https://rubygems.org/
  specs:
    addressable (2.4.0)
    colorator (1.1.0)
    contentful (0.12.0)
      http (~> 1.0)
      json (~> 1.8)
      multi_json (~> 1)
    domain_name (0.5.20160826)
      unf (>= 0.0.5, < 1.0.0)
    ffi (1.9.14)
    forwardable-extended (2.6.0)
    http (1.0.4)
      addressable (~> 2.3)
      http-cookie (~> 1.0)
      http-form_data (~> 1.0.1)
      http_parser.rb (~> 0.6.0)
    http-cookie (1.0.2)
      domain_name (~> 0.5)
    http-form_data (1.0.1)
    http_parser.rb (0.6.0)
    jekyll (3.2.1)
      colorator (~> 1.0)
      jekyll-sass-converter (~> 1.0)
      jekyll-watch (~> 1.1)
      kramdown (~> 1.3)
      liquid (~> 3.0)
      mercenary (~> 0.3.3)
      pathutil (~> 0.9)
      rouge (~> 1.7)
      safe_yaml (~> 1.0)
    jekyll-sass-converter (1.3.0)
      sass (~> 3.2)
    jekyll-watch (1.5.0)
      listen (~> 3.0, < 3.1)
    json (1.8.3)
    kramdown (1.11.1)
    liquid (3.0.6)
    listen (3.0.6)
      rb-fsevent (>= 0.9.3)
      rb-inotify (>= 0.9.7)
    mercenary (0.3.6)
    multi_json (1.12.1)
    pathutil (0.14.0)
      forwardable-extended (~> 2.6)
    rb-fsevent (0.9.7)
    rb-inotify (0.9.7)
      ffi (>= 0.5.0)
    rouge (1.11.1)
    safe_yaml (1.0.4)
    sass (3.4.22)
    unf (0.1.4)
      unf_ext
    unf_ext (0.0.7.2)

PLATFORMS
  ruby

DEPENDENCIES
  jekyll (= 3.2.1)
  jekyll-contentful-data-import!

RUBY VERSION
   ruby 2.3.1p112

BUNDLED WITH
   1.12.5
